GEM
  remote: https://rubygems.org/
  specs:
    ffi (1.17.1)
    ffi (1.17.1-arm64-darwin)
    gosu (2.0.0.pre8)
      ffi (~> 1.12)

PLATFORMS
  arm64-darwin-23
  ruby

DEPENDENCIES
  gosu (>= 1.5.0)

BUNDLED WITH
   2.5.16
